GEM
  remote: http://rubygems.org/
  specs:
    daemons (1.1.0)
    eventmachine (0.12.10)
    jruby-jars (1.5.3)
    jruby-rack (1.0.3)
    rack (1.2.1)
    rake (0.8.7)
    rubyzip (0.9.4)
    thin (1.2.7)
      daemons (>= 1.0.9)
      eventmachine (>= 0.12.6)
      rack (>= 1.0.0)
    warbler (1.2.1)
      jruby-jars (>= 1.4.0)
      jruby-rack (>= 1.0.0)
      rake (>= 0.8.7)
      rubyzip (>= 0.9.4)

PLATFORMS
  java
  ruby

DEPENDENCIES
  rack (>= 1.1.0)
  thin (>= 1.2.7)
  warbler
